GEM
  remote: https://rubygems.org/
  specs:
    coderay (1.1.2)
    method_source (0.9.2)
    pry (0.12.2)
      coderay (~> 1.1.0)
      method_source (~> 0.9.0)
    pry-remote (0.1.8)
      pry (~> 0.9)
      slop (~> 3.0)
    puma (3.12.0)
    rack (2.0.6)
    roda (3.14.0)
      rack
    slop (3.6.0)
    tilt (2.0.8)

PLATFORMS
  ruby

DEPENDENCIES
  pry (~> 0.12.2)
  pry-remote (~> 0.1.8)
  puma
  roda (~> 3.14)
  tilt

BUNDLED WITH
   1.16.1
