GEM
  remote: https://rubygems.org/
  specs:
    activesupport (5.2.2)
      concurrent-ruby (~> 1.0, >= 1.0.2)
      i18n (>= 0.7, < 2)
      minitest (~> 5.1)
      tzinfo (~> 1.1)
    coderay (1.1.2)
    concurrent-ruby (1.1.3)
    i18n (1.1.1)
      concurrent-ruby (~> 1.0)
    method_source (0.9.2)
    minitest (5.11.3)
    pry (0.12.2)
      coderay (~> 1.1.0)
      method_source (~> 0.9.0)
    pry-remote (0.1.8)
      pry (~> 0.9)
      slop (~> 3.0)
    puma (3.12.0)
    rack (2.0.6)
    roda (3.14.0)
      rack
    slop (3.6.0)
    thread_safe (0.3.6)
    tilt (2.0.8)
    tzinfo (1.2.5)
      thread_safe (~> 0.1)

PLATFORMS
  ruby

DEPENDENCIES
  activesupport
  bundler
  pry (~> 0.12.2)
  pry-remote (~> 0.1.8)
  puma
  roda (~> 3.14)
  tilt

RUBY VERSION
   ruby 2.5.1p57

BUNDLED WITH
   1.17.1
